GEM
  remote: http://rubygems.org/
  specs:
    diff-lcs (1.1.3)
    docile (1.1.5)
    json (2.0.3)
    minitar (0.5.4)
    rake (10.0.3)
    rspec (2.12.0)
      rspec-core (~> 2.12.0)
      rspec-expectations (~> 2.12.0)
      rspec-mocks (~> 2.12.0)
    rspec-core (2.12.0)
    rspec-expectations (2.12.0)
      diff-lcs (~> 1.1.3)
    rspec-mocks (2.12.0)
    simplecov (0.13.0)
      docile (~> 1.1.0)
      json (>= 1.8, < 3)
      simplecov-html (~> 0.10.0)
    simplecov-html (0.10.0)

PLATFORMS
  ruby

DEPENDENCIES
  minitar (= 0.5.4)
  rake (= 10.0.3)
  rspec (= 2.12.0)
  simplecov

BUNDLED WITH
   1.14.5
