GEM
  remote: http://rubygems.org/
  specs:
    diff-lcs (1.3)
    docile (1.1.5)
    json (2.1.0)
    minitar (0.6.1)
    rake (10.5.0)
    rspec (2.99.0)
      rspec-core (~> 2.99.0)
      rspec-expectations (~> 2.99.0)
      rspec-mocks (~> 2.99.0)
    rspec-core (2.99.2)
    rspec-expectations (2.99.2)
      diff-lcs (>= 1.1.3, < 2.0)
    rspec-mocks (2.99.4)
    simplecov (0.15.1)
      docile (~> 1.1.0)
      json (>= 1.8, < 3)
      simplecov-html (~> 0.10.0)
    simplecov-html (0.10.2)

PLATFORMS
  ruby

DEPENDENCIES
  minitar (= 0.6.1)
  rake (= 10.5.0)
  rspec (= 2.99)
  simplecov

BUNDLED WITH
   1.14.5
